PATH
  remote: .
  specs:
    gelf_redux (4.2.0)
      json

GEM
  remote: https://rubygems.org/
  specs:
    activesupport (6.1.7.6)
      concurrent-ruby (~> 1.0, >= 1.0.2)
      i18n (>= 1.6, < 2)
      minitest (>= 5.1)
      tzinfo (~> 2.0)
      zeitwerk (~> 2.3)
    addressable (2.8.4)
      public_suffix (>= 2.0.2, < 6.0)
    concurrent-ruby (1.2.2)
    crack (0.4.5)
      rexml
    docile (1.4.0)
    hashdiff (1.0.1)
    i18n (1.14.1)
      concurrent-ruby (~> 1.0)
    json (2.7.6)
    json (2.7.6-java)
    minitest (5.19.0)
    mocha (2.0.4)
      ruby2_keywords (>= 0.0.5)
    power_assert (2.0.3)
    public_suffix (5.0.1)
    rake (13.0.6)
    rexml (3.2.8)
      strscan (>= 3.0.9)
    ruby2_keywords (0.0.5)
    shoulda (4.0.0)
      shoulda-context (~> 2.0)
      shoulda-matchers (~> 4.0)
    shoulda-context (2.0.0)
    shoulda-matchers (4.5.1)
      activesupport (>= 4.2.0)
    simplecov (0.20.0)
      docile (~> 1.1)
      simplecov-html (~> 0.11)
      simplecov_json_formatter (~> 0.1)
    simplecov-html (0.12.3)
    simplecov_json_formatter (0.1.4)
    strscan (3.1.0)
    strscan (3.1.0-java)
    test-unit (3.6.0)
      power_assert
    timecop (0.9.6)
    tzinfo (2.0.6)
      concurrent-ruby (~> 1.0)
    webmock (3.18.1)
      addressable (>= 2.8.0)
      crack (>= 0.3.2)
      hashdiff (>= 0.4.0, < 2.0.0)
    zeitwerk (2.6.11)

PLATFORMS
  java
  ruby

DEPENDENCIES
  gelf_redux!
  mocha (~> 2.0.4)
  rake
  shoulda (~> 4.0.0)
  simplecov (~> 0.20.0)
  test-unit (~> 3.6.0)
  timecop (~> 0.9.6)
  webmock (~> 3.18.1)

BUNDLED WITH
   2.4.22
